PATH
  remote: .
  specs:
    mina-scp (0.1.0)

GEM
  remote: https://rubygems.org/
  specs:
    rake (10.0.3)

PLATFORMS
  ruby

DEPENDENCIES
  bundler (~> 1.3)
  mina-scp!
  rake
